PATH
  remote: .
  specs:
    kablammo (0.1)
      execjs (= 1.4.0)
      multi_json
      oj
      redis_message_capsule (~> 0.8.3)

GEM
  remote: https://rubygems.org/
  specs:
    execjs (1.4.0)
      multi_json (~> 1.0)
    json (1.8.0)
    multi_json (1.7.9)
    oj (2.1.4)
    rake (10.1.0)
    redis (3.0.4)
    redis_message_capsule (0.8.3)
      json
      redis

PLATFORMS
  ruby

DEPENDENCIES
  kablammo!
  rake
